GEM
  remote: http://rubygems.org/
  specs:
    activesupport (3.0.10)
    archive-tar-minitar (0.5.2)
    bcrypt-ruby (2.1.4)
    capistrano (2.8.0)
      highline
      net-scp (>= 1.0.0)
      net-sftp (>= 2.0.0)
      net-ssh (>= 2.0.14)
      net-ssh-gateway (>= 1.1.0)
    columnize (0.3.4)
    diff-lcs (1.1.3)
    highline (1.6.2)
    json (1.4.6)
    kgio (2.6.0)
    linecache19 (0.5.12)
      ruby_core_source (>= 0.1.4)
    net-scp (1.0.4)
      net-ssh (>= 1.99.1)
    net-sftp (2.0.5)
      net-ssh (>= 2.0.9)
    net-ssh (2.2.1)
    net-ssh-gateway (1.1.0)
      net-ssh (>= 1.99.1)
    nokogiri (1.5.0)
    pg (0.11.0)
    rack (1.3.2)
    rack-test (0.6.1)
      rack (>= 1.0)
    rails_config (0.2.4)
      activesupport (>= 3.0)
    raindrops (0.7.0)
    redis (2.2.2)
    remote_syslog_logger (1.0.3)
      syslog_protocol
    rspec (2.6.0)
      rspec-core (~> 2.6.0)
      rspec-expectations (~> 2.6.0)
      rspec-mocks (~> 2.6.0)
    rspec-core (2.6.4)
    rspec-expectations (2.6.0)
      diff-lcs (~> 1.1.2)
    rspec-mocks (2.6.0)
    ruby-debug-base19 (0.11.25)
      columnize (>= 0.3.1)
      linecache19 (>= 0.5.11)
      ruby_core_source (>= 0.1.4)
    ruby-debug19 (0.11.6)
      columnize (>= 0.3.1)
      linecache19 (>= 0.5.11)
      ruby-debug-base19 (>= 0.11.19)
    ruby-mysql (2.9.3)
    ruby_core_source (0.1.5)
      archive-tar-minitar (>= 0.5.2)
    shotgun (0.9)
      rack (>= 1.0)
    sinatra (1.2.6)
      rack (~> 1.1)
      tilt (< 2.0, >= 1.2.2)
    syslog_protocol (0.9.0)
    thor (0.14.6)
    tilt (1.3.3)
    unicorn (4.1.1)
      kgio (~> 2.4)
      rack
      raindrops (~> 0.6)

PLATFORMS
  ruby

DEPENDENCIES
  bcrypt-ruby (~> 2.1.4)
  capistrano
  json
  nokogiri
  pg
  rack-test
  rails_config
  redis
  remote_syslog_logger
  rspec (>= 2)
  ruby-debug19
  ruby-mysql (= 2.9.3)
  shotgun
  sinatra (= 1.2.6)
  thor
  unicorn
